GEM
  remote: http://rubygems.org/
  specs:
    cinch (2.1.0)
    google_image_api (0.0.1)
    mini_portile (0.6.0)
    nokogiri (1.6.2.1)
      mini_portile (= 0.6.0)

PLATFORMS
  ruby

DEPENDENCIES
  cinch
  google_image_api
  nokogiri
