GEM
  remote: http://rubygems.org/
  specs:
    activesupport (5.0.0.1)
      concurrent-ruby (~> 1.0, >= 1.0.2)
      i18n (~> 0.7)
      minitest (~> 5.1)
      tzinfo (~> 1.1)
    cinch (2.3.2)
    concurrent-ruby (1.0.2)
    domain_name (0.5.20160826)
      unf (>= 0.0.5, < 1.0.0)
    google_image_api (0.0.1)
    http-cookie (1.0.2)
      domain_name (~> 0.5)
    i18n (0.7.0)
    mechanize (2.7.5)
      domain_name (~> 0.5, >= 0.5.1)
      http-cookie (~> 1.0)
      mime-types (>= 1.17.2)
      net-http-digest_auth (~> 1.1, >= 1.1.1)
      net-http-persistent (~> 2.5, >= 2.5.2)
      nokogiri (~> 1.6)
      ntlm-http (~> 0.1, >= 0.1.1)
      webrobots (>= 0.0.9, < 0.2)
    mime-types (3.1)
      mime-types-data (~> 3.2015)
    mime-types-data (3.2016.0521)
    mini_portile2 (2.1.0)
    minitest (5.9.0)
    net-http-digest_auth (1.4)
    net-http-persistent (2.9.4)
    nokogiri (1.6.8)
      mini_portile2 (~> 2.1.0)
      pkg-config (~> 1.1.7)
    ntlm-http (0.1.1)
    pkg-config (1.1.7)
    sqlite3 (1.3.11)
    thread_safe (0.3.5)
    tzinfo (1.2.2)
      thread_safe (~> 0.1)
    unf (0.1.4)
      unf_ext
    unf_ext (0.0.7.2)
    webrobots (0.1.2)

PLATFORMS
  ruby

DEPENDENCIES
  activesupport
  cinch
  google_image_api
  mechanize
  nokogiri
  sqlite3

BUNDLED WITH
   1.12.5
